GEM
  remote: http://rubygems.org/
  specs:
    coderay (1.1.2)
    method_source (0.9.2)
    minitest (5.12.2)
    prettier (0.15.0)
    pry (0.12.2)
      coderay (~> 1.1.0)
      method_source (~> 0.9.0)

PLATFORMS
  ruby

DEPENDENCIES
  minitest
  prettier
  pry

BUNDLED WITH
   2.0.2
